GEM
  remote: https://rubygems.org/
  specs:
    base64 (0.2.0)
    bigdecimal (3.1.6)
    coderay (1.1.3)
    concurrent-ruby (1.2.3)
    daemons (1.4.1)
    date (3.3.4)
    digest-crc (0.6.5)
      rake (>= 12.0.0, < 14.0.0)
    erubis (2.7.0)
    eventmachine (1.2.7)
    faker (3.2.3)
      i18n (>= 1.8.11, < 2)
    faraday (2.9.0)
      faraday-net_http (>= 2.0, < 3.2)
    faraday-net_http (3.1.0)
      net-http
    i18n (1.14.1)
      concurrent-ruby (~> 1.0)
    leveldb-ruby (0.15)
    method_source (1.0.0)
    mini_portile2 (2.8.6)
    minitest (5.22.2)
    msgpack (1.7.2)
    multi_json (1.15.0)
    mustermann (3.0.0)
      ruby2_keywords (~> 0.0.1)
    net-ftp (0.3.4)
      net-protocol
      time
    net-http (0.4.1)
      uri
    net-protocol (0.2.2)
      timeout
    nokogiri (1.16.5)
      mini_portile2 (~> 2.8.2)
      racc (~> 1.4)
    parallel (1.24.0)
    pg (1.5.6)
    pry (0.14.2)
      coderay (~> 1.1)
      method_source (~> 1.0)
    racc (1.7.3)
    rack (2.2.8.1)
    rack-protection (3.2.0)
      base64 (>= 0.1.0)
      rack (~> 2.2, >= 2.2.4)
    rake (13.1.0)
    retriable (3.1.2)
    ruby-kafka (1.5.0)
      digest-crc
    ruby2_keywords (0.0.5)
    rufo (0.3.1)
    sentry-raven (3.1.2)
      faraday (>= 1.0)
    sequel (5.78.0)
      bigdecimal
    sinatra (3.2.0)
      mustermann (~> 3.0)
      rack (~> 2.2, >= 2.2.4)
      rack-protection (= 3.2.0)
      tilt (~> 2.0)
    sinatra-contrib (3.2.0)
      multi_json (>= 0.0.2)
      mustermann (~> 3.0)
      rack-protection (= 3.2.0)
      sinatra (= 3.2.0)
      tilt (~> 2.0)
    sqlite3 (1.7.2)
      mini_portile2 (~> 2.8.0)
    thin (1.8.2)
      daemons (~> 1.0, >= 1.0.9)
      eventmachine (~> 1.0, >= 1.0.4)
      rack (>= 1, < 3)
    tilt (2.3.0)
    time (0.3.0)
      date
    timeout (0.4.1)
    uri (0.13.0)

PLATFORMS
  ruby

DEPENDENCIES
  bundler
  erubis
  faker
  leveldb-ruby
  minitest
  msgpack
  net-ftp
  nokogiri (~> 1.16.5)
  parallel
  pg
  pry
  rake
  retriable
  ruby-kafka
  rufo (~> 0.3.0)
  sentry-raven
  sequel
  sinatra
  sinatra-contrib
  sqlite3
  thin

BUNDLED WITH
   2.5.6
